GEM
  remote: https://rubygems.org/
  specs:
    cgi (0.3.6)
    erb (4.0.3)
      cgi (>= 0.3.3)

PLATFORMS
  x86_64-darwin-22

DEPENDENCIES
  erb (~> 4.0)

BUNDLED WITH
   2.4.12
